GEM
  remote: https://rubygems.org/
  specs:
    awesome_print (1.8.0)
    connection_pool (2.2.2)
    daemons (1.3.1)
    ed25519 (1.2.4)
    eventmachine (1.2.7)
    faraday (0.17.0)
      multipart-post (>= 1.2, < 3)
    httplog (1.3.3)
      rack (>= 1.0)
      rainbow (>= 2.0.0)
    multipart-post (2.1.1)
    mustermann (1.0.3)
    net-http-persistent (3.1.0)
      connection_pool (~> 2.2)
    rack (2.0.7)
    rack-protection (2.0.7)
      rack
    rainbow (3.0.0)
    sinatra (2.0.7)
      mustermann (~> 1.0)
      rack (~> 2.0)
      rack-protection (= 2.0.7)
      tilt (~> 2.0)
    telnyx (0.0.8)
      ed25519 (~> 1)
      faraday (~> 0.13, != 0.16.2, != 0.16.1, != 0.16.0)
      net-http-persistent (~> 3.0)
    thin (1.7.2)
      daemons (~> 1.0, >= 1.0.9)
      eventmachine (~> 1.0, >= 1.0.4)
      rack (>= 1, < 3)
    tilt (2.0.10)

PLATFORMS
  ruby

DEPENDENCIES
  awesome_print
  httplog
  sinatra
  telnyx
  thin

BUNDLED WITH
   2.0.2
